GEM
  remote: http://rubygems.org/
  specs:
    activesupport (3.1.1)
      multi_json (~> 1.0)
    chunky_png (1.2.5)
    compass (0.12.2)
      chunky_png (~> 1.2)
      fssm (>= 0.2.7)
      sass (~> 3.1)
    compass-rails (1.0.2)
      compass (>= 0.12.0, < 0.14)
    fssm (0.2.9)
    i18n (0.6.0)
    multi_json (1.0.3)
    rack (1.3.5)
    rack-test (0.6.1)
      rack (>= 1.0)
    rdiscount (1.6.8)
    sass (3.2.0.alpha.247)
    serve (1.5.1)
      activesupport (~> 3.0)
      i18n
      rack (~> 1.2)
      rack-test (~> 0.5)
      tilt (~> 1.3)
      tzinfo
    susy (1.0.rc.1)
      compass (>= 0.12.2.rc.0)
      sass (>= 3.2.0.alpha.237)
    tilt (1.3.3)
    tzinfo (0.3.31)

PLATFORMS
  ruby

DEPENDENCIES
  compass-rails (>= 1.0.0.rc.4)
  rdiscount
  serve (= 1.5.1)
  susy
